GEM
  remote: https://rubygems.org/
  specs:
    ffi (1.9.5)
    ffi (1.9.5-x86-mingw32)
    rake (0.9.6)

PLATFORMS
  ruby
  x86-mingw32

DEPENDENCIES
  ffi
  rake
